PATH
  remote: .
  specs:
    resque-pool (0.0.8.dev)
      resque (= 1.9.10)

GEM
  remote: http://rubygems.org/
  specs:
    json_pure (1.4.6)
    rack (1.2.1)
    redis (2.0.5)
    redis-namespace (0.8.0)
      redis (< 3.0.0)
    resque (1.9.10)
      json_pure (~> 1.4.0)
      redis-namespace (~> 0.8.0)
      sinatra (>= 0.9.2)
      vegas (~> 0.1.2)
    rspec (1.3.0)
    sinatra (1.0)
      rack (>= 1.0)
    vegas (0.1.7)
      rack (>= 1.0.0)

PLATFORMS
  ruby

DEPENDENCIES
  resque (= 1.9.10)
  resque-pool!
  rspec
