PATH
  remote: .
  specs:
    resque-pool (0.0.11.dev)
      resque (~> 1.10)

GEM
  remote: http://rubygems.org/
  specs:
    json (1.4.6)
    rack (1.2.1)
    rake (0.8.7)
    redis (2.0.5)
    redis-namespace (0.8.0)
      redis (< 3.0.0)
    resque (1.10.0)
      json (~> 1.4.6)
      redis-namespace (~> 0.8.0)
      sinatra (>= 0.9.2)
      vegas (~> 0.1.2)
    rspec (1.3.0)
    sinatra (1.0)
      rack (>= 1.0)
    vegas (0.1.7)
      rack (>= 1.0.0)

PLATFORMS
  ruby

DEPENDENCIES
  bundler (~> 1.0)
  rake
  resque (~> 1.10)
  resque-pool!
  rspec
